PATH
  remote: .
  specs:
    baba (2.6.0)

GEM
  remote: https://rubygems.org/
  specs:
    ast (2.4.2)
    io-console (0.5.11)
    language_server-protocol (3.16.0.3)
    parallel (1.22.1)
    parser (3.1.1.0)
      ast (~> 2.4.1)
    prettier_print (0.1.0)
    racc (1.6.0)
    rainbow (3.1.1)
    rake (13.0.6)
    rake-compiler (0.9.9)
      rake
    regexp_parser (2.2.1)
    reline (0.3.1)
      io-console (~> 0.5)
    rexical (1.0.7)
    rexml (3.2.5)
    rubocop (1.26.1)
      parallel (~> 1.10)
      parser (>= 3.1.0.0)
      rainbow (>= 2.2.2, < 4.0)
      regexp_parser (>= 1.8, < 3.0)
      rexml
      rubocop-ast (>= 1.16.0, < 2.0)
      ruby-progressbar (~> 1.7)
      unicode-display_width (>= 1.4.0, < 3.0)
    rubocop-ast (1.16.0)
      parser (>= 3.1.1.0)
    ruby-lsp (0.2.0)
      language_server-protocol
      sorbet-runtime
      syntax_tree (>= 2.4)
    ruby-progressbar (1.11.0)
    sorbet-runtime (0.5.10172)
    syntax_tree (3.0.1)
      prettier_print
    unicode-display_width (2.1.0)

PLATFORMS
  x64-mingw-ucrt
  x86_64-linux

DEPENDENCIES
  baba!
  racc (~> 1.6.0)
  rake (~> 13.0)
  rake-compiler (~> 0.9.0)
  reline (~> 0.3.1)
  rexical (~> 1.0.7)
  rubocop (~> 1.21)
  ruby-lsp (~> 0.2.0)

BUNDLED WITH
   2.2.32
